GEM
  remote: https://rubygems.org/
  specs:
    activesupport (5.2.4.3)
      concurrent-ruby (~> 1.0, >= 1.0.2)
      i18n (>= 0.7, < 2)
      minitest (~> 5.1)
      tzinfo (~> 1.1)
    awesome_print (1.8.0)
    byebug (10.0.2)
    concurrent-ruby (1.1.6)
    faraday (0.15.3)
      multipart-post (>= 1.2, < 3)
    i18n (1.8.2)
      concurrent-ruby (~> 1.0)
    logger (1.4.2)
    mail (2.7.0)
      mini_mime (>= 0.1.1)
    mini_mime (1.0.0)
    minitest (5.14.1)
    multipart-post (2.0.0)
    oj (3.6.12)
    optimist (3.0.0)
    thread_safe (0.3.6)
    togglv8 (1.2.1)
      faraday
      logger
      oj
    tzinfo (1.2.7)
      thread_safe (~> 0.1)

PLATFORMS
  ruby

DEPENDENCIES
  activesupport
  awesome_print
  byebug
  mail
  optimist
  togglv8

BUNDLED WITH
   1.11.2
