GEM
  remote: https://rubygems.org/
  specs:
    activesupport (6.1.7.1)
      concurrent-ruby (~> 1.0, >= 1.0.2)
      i18n (>= 1.6, < 2)
      minitest (>= 5.1)
      tzinfo (~> 2.0)
      zeitwerk (~> 2.3)
    awesome_print (1.8.0)
    byebug (10.0.2)
    concurrent-ruby (1.1.10)
    faraday (0.15.3)
      multipart-post (>= 1.2, < 3)
    i18n (1.12.0)
      concurrent-ruby (~> 1.0)
    logger (1.5.3)
    mail (2.7.0)
      mini_mime (>= 0.1.1)
    mini_mime (1.0.0)
    minitest (5.17.0)
    multipart-post (2.0.0)
    oj (3.6.12)
    optimist (3.0.0)
    togglv8 (1.2.1)
      faraday
      logger
      oj
    tzinfo (2.0.5)
      concurrent-ruby (~> 1.0)
    zeitwerk (2.6.6)

PLATFORMS
  ruby

DEPENDENCIES
  activesupport
  awesome_print
  byebug
  mail
  optimist
  togglv8

BUNDLED WITH
   1.11.2
